GEM
  remote: https://rubygems.org/
  specs:
    nio4r (2.5.8)
    puma (5.1.0)
      nio4r (~> 2.0)
    rake (11.2.2)

PLATFORMS
  ruby

DEPENDENCIES
  puma (~> 5.1.0)
  rake

BUNDLED WITH
   2.1.4
