GEM
  remote: https://rubygems.org/
  specs:
    nio4r (2.5.7)
    puma (5.1.0)
      nio4r (~> 2.0)
    rack (3.0.7)
    rake (12.3.3)

PLATFORMS
  ruby

DEPENDENCIES
  puma (> 0)
  rack (= 3.0.7)
  rake

BUNDLED WITH
   2.1.4
